PATH
  remote: .
  specs:
    slop (4.3.0)

GEM
  remote: https://rubygems.org/
  specs:
    byebug (11.1.3)
    coderay (1.1.3)
    method_source (1.1.0)
    minitest (5.0.8)
    pry (0.14.2)
      coderay (~> 1.1)
      method_source (~> 1.0)
    pry-byebug (3.10.1)
      byebug (~> 11.0)
      pry (>= 0.13, < 0.15)
    rake (13.2.1)

PLATFORMS
  ruby

DEPENDENCIES
  minitest (~> 5.0.0)
  pry (~> 0.14.2)
  pry-byebug (~> 3.10.1)
  rake
  slop!

RUBY VERSION
   ruby 3.0.6p216

BUNDLED WITH
   2.5.6
